GEM
  remote: https://rubygems.org/
  specs:
    calibrate (0.0.1)
    diecut (0.0.5)
      calibrate (~> 0.0.1)
      mustache (~> 1.0)
      paint (~> 0.8)
      thor (~> 0.19)
      valise (~> 1.2)
    mustache (1.1.0)
    paint (0.9.0)
    thor (0.20.3)
    valise (1.2.1)

PLATFORMS
  ruby

DEPENDENCIES
  diecut (= 0.0.5)

BUNDLED WITH
   1.16.3
